PATH
  remote: .
  specs:
    databasedotcom-oauth2 (0.2.1)
      addressable
      databasedotcom
      gibberish
      hashie
      oauth2

GEM
  remote: http://rubygems.org/
  specs:
    activesupport (4.1.5)
      i18n (~> 0.6, >= 0.6.9)
      json (~> 1.7, >= 1.7.7)
      minitest (~> 5.1)
      thread_safe (~> 0.1)
      tzinfo (~> 1.1)
    addressable (2.2.8)
    crack (0.3.1)
    databasedotcom (1.3.2)
      activesupport
      json
      multipart-post (~> 1.1)
    diff-lcs (1.1.3)
    faraday (0.9.0)
      multipart-post (>= 1.2, < 3)
    ffi (1.0.11)
    gibberish (1.4.0)
    growl (1.0.3)
    guard (1.1.1)
      listen (>= 0.4.2)
      thor (>= 0.14.6)
    guard-bundler (0.1.3)
      bundler (>= 1.0.0)
      guard (>= 0.2.2)
    guard-rspec (1.0.0)
      guard (>= 1.1)
    hashie (3.3.1)
    i18n (0.6.11)
    json (1.8.1)
    jwt (1.0.0)
    listen (0.4.4)
      rb-fchange (~> 0.0.5)
      rb-fsevent (~> 0.9.1)
      rb-inotify (~> 0.8.8)
    minitest (5.4.1)
    multi_json (1.3.6)
    multi_xml (0.5.5)
    multipart-post (1.2.0)
    oauth2 (1.0.0)
      faraday (>= 0.8, < 0.10)
      jwt (~> 1.0)
      multi_json (~> 1.3)
      multi_xml (~> 0.5)
      rack (~> 1.2)
    rack (1.4.1)
    rack-test (0.6.1)
      rack (>= 1.0)
    rb-fchange (0.0.5)
      ffi
    rb-fsevent (0.9.1)
    rb-inotify (0.8.8)
      ffi (>= 0.5.0)
    rspec (2.10.0)
      rspec-core (~> 2.10.0)
      rspec-expectations (~> 2.10.0)
      rspec-mocks (~> 2.10.0)
    rspec-core (2.10.1)
    rspec-expectations (2.10.0)
      diff-lcs (~> 1.1.3)
    rspec-mocks (2.10.1)
    simplecov (0.6.4)
      multi_json (~> 1.0)
      simplecov-html (~> 0.5.3)
    simplecov-html (0.5.3)
    thor (0.15.2)
    thread_safe (0.3.4)
    tzinfo (1.2.2)
      thread_safe (~> 0.1)
    webmock (1.8.7)
      addressable (>= 2.2.7)
      crack (>= 0.1.7)

PLATFORMS
  ruby

DEPENDENCIES
  databasedotcom-oauth2!
  growl
  guard
  guard-bundler
  guard-rspec
  rack-test
  rb-fsevent
  rspec (~> 2.7)
  simplecov
  webmock
